GIT
  remote: git://github.com/thoughtbot/paperclip.git
  revision: 82cd3781b4bbfe20778fe5f9a6802d348cd5ee1a
  specs:
    paperclip (5.1.0)
      activemodel (>= 4.2.0)
      activesupport (>= 4.2.0)
      cocaine (~> 0.5.5)
      mime-types
      mimemagic (~> 0.3.0)

GEM
  remote: https://rubygems.org/
  specs:
    actioncable (5.0.4)
      actionpack (= 5.0.4)
      nio4r (>= 1.2, < 3.0)
      websocket-driver (~> 0.6.1)
    actionmailer (5.0.4)
      actionpack (= 5.0.4)
      actionview (= 5.0.4)
      activejob (= 5.0.4)
      mail (~> 2.5, >= 2.5.4)
      rails-dom-testing (~> 2.0)
    actionpack (5.0.4)
      actionview (= 5.0.4)
      activesupport (= 5.0.4)
      rack (~> 2.0)
      rack-test (~> 0.6.3)
      rails-dom-testing (~> 2.0)
      rails-html-sanitizer (~> 1.0, >= 1.0.2)
    actionview (5.0.4)
      activesupport (= 5.0.4)
      builder (~> 3.1)
      erubis (~> 2.7.0)
      rails-dom-testing (~> 2.0)
      rails-html-sanitizer (~> 1.0, >= 1.0.3)
    active_model_serializers (0.10.6)
      actionpack (>= 4.1, < 6)
      activemodel (>= 4.1, < 6)
      case_transform (>= 0.2)
      jsonapi-renderer (>= 0.1.1.beta1, < 0.2)
    activejob (5.0.4)
      activesupport (= 5.0.4)
      globalid (>= 0.3.6)
    activemodel (5.0.4)
      activesupport (= 5.0.4)
    activerecord (5.0.4)
      activemodel (= 5.0.4)
      activesupport (= 5.0.4)
      arel (~> 7.0)
    activesupport (5.0.4)
      concurrent-ruby (~> 1.0, >= 1.0.2)
      i18n (~> 0.7)
      minitest (~> 5.1)
      tzinfo (~> 1.1)
    addressable (2.5.1)
      public_suffix (~> 2.0, >= 2.0.2)
    arel (7.1.4)
    ast (2.3.0)
    av (0.9.0)
      cocaine (~> 0.5.3)
    bcrypt (3.1.11)
    builder (3.2.3)
    byebug (9.0.6)
    case_transform (0.2)
      activesupport
    climate_control (0.2.0)
    cocaine (0.5.8)
      climate_control (>= 0.0.3, < 1.0)
    coderay (1.1.1)
    concurrent-ruby (1.0.5)
    devise (4.3.0)
      bcrypt (~> 3.0)
      orm_adapter (~> 0.1)
      railties (>= 4.1.0, < 5.2)
      responders
      warden (~> 1.2.3)
    diff-lcs (1.3)
    doorkeeper (4.2.6)
      railties (>= 4.2)
    doorkeeper-jwt (0.2.1)
      jwt (~> 1.5.2, >= 1.5.2)
    dotenv (2.2.1)
    dotenv-rails (2.2.1)
      dotenv (= 2.2.1)
      railties (>= 3.2, < 5.2)
    erubis (2.7.0)
    factory_girl (4.8.0)
      activesupport (>= 3.0.0)
    factory_girl_rails (4.8.0)
      factory_girl (~> 4.8.0)
      railties (>= 3.0.0)
    ffi (1.9.18)
    formatador (0.2.5)
    friendly_id (5.1.0)
      activerecord (>= 4.0.0)
    globalid (0.4.0)
      activesupport (>= 4.2.0)
    guard (2.14.1)
      formatador (>= 0.2.4)
      listen (>= 2.7, < 4.0)
      lumberjack (~> 1.0)
      nenv (~> 0.1)
      notiffany (~> 0.0)
      pry (>= 0.9.12)
      shellany (~> 0.0)
      thor (>= 0.18.1)
    guard-compat (1.2.1)
    guard-rspec (4.7.3)
      guard (~> 2.1)
      guard-compat (~> 1.1)
      rspec (>= 2.99.0, < 4.0)
    i18n (0.8.4)
    jsonapi-renderer (0.1.2)
    jwt (1.5.6)
    kaminari (1.0.1)
      activesupport (>= 4.1.0)
      kaminari-actionview (= 1.0.1)
      kaminari-activerecord (= 1.0.1)
      kaminari-core (= 1.0.1)
    kaminari-actionview (1.0.1)
      actionview
      kaminari-core (= 1.0.1)
    kaminari-activerecord (1.0.1)
      activerecord
      kaminari-core (= 1.0.1)
    kaminari-core (1.0.1)
    launchy (2.4.3)
      addressable (~> 2.3)
    letter_opener (1.4.1)
      launchy (~> 2.2)
    listen (3.0.8)
      rb-fsevent (~> 0.9, >= 0.9.4)
      rb-inotify (~> 0.9, >= 0.9.7)
    loofah (2.0.3)
      nokogiri (>= 1.5.9)
    lumberjack (1.0.12)
    mail (2.6.6)
      mime-types (>= 1.16, < 4)
    method_source (0.8.2)
    mime-types (3.1)
      mime-types-data (~> 3.2015)
    mime-types-data (3.2016.0521)
    mimemagic (0.3.2)
    mini_portile2 (2.2.0)
    minitest (5.10.2)
    nenv (0.3.0)
    nio4r (2.1.0)
    nokogiri (1.8.0)
      mini_portile2 (~> 2.2.0)
    notiffany (0.1.1)
      nenv (~> 0.1)
      shellany (~> 0.0)
    orm_adapter (0.5.0)
    paperclip-av-transcoder (0.6.4)
      av (~> 0.9.0)
      paperclip (>= 2.5.2)
    paperclip-ffmpeg (1.2.0)
      paperclip (>= 2.5.2)
      rails
    parallel (1.11.2)
    paranoia (2.3.1)
      activerecord (>= 4.0, < 5.2)
    parser (2.4.0.0)
      ast (~> 2.2)
    pg (0.21.0)
    powerpack (0.1.1)
    pry (0.10.4)
      coderay (~> 1.1.0)
      method_source (~> 0.8.1)
      slop (~> 3.4)
    public_suffix (2.0.5)
    rack (2.0.3)
    rack-cors (0.4.1)
    rack-test (0.6.3)
      rack (>= 1.0)
    rails (5.0.4)
      actioncable (= 5.0.4)
      actionmailer (= 5.0.4)
      actionpack (= 5.0.4)
      actionview (= 5.0.4)
      activejob (= 5.0.4)
      activemodel (= 5.0.4)
      activerecord (= 5.0.4)
      activesupport (= 5.0.4)
      bundler (>= 1.3.0, < 2.0)
      railties (= 5.0.4)
      sprockets-rails (>= 2.0.0)
    rails-controller-testing (1.0.2)
      actionpack (~> 5.x, >= 5.0.1)
      actionview (~> 5.x, >= 5.0.1)
      activesupport (~> 5.x)
    rails-dom-testing (2.0.3)
      activesupport (>= 4.2.0)
      nokogiri (>= 1.6)
    rails-html-sanitizer (1.0.3)
      loofah (~> 2.0)
    railties (5.0.4)
      actionpack (= 5.0.4)
      activesupport (= 5.0.4)
      method_source
      rake (>= 0.8.7)
      thor (>= 0.18.1, < 2.0)
    rainbow (2.2.2)
      rake
    rake (12.0.0)
    rb-fsevent (0.10.2)
    rb-inotify (0.9.10)
      ffi (>= 0.5.0, < 2)
    responders (2.4.0)
      actionpack (>= 4.2.0, < 5.3)
      railties (>= 4.2.0, < 5.3)
    rspec (3.6.0)
      rspec-core (~> 3.6.0)
      rspec-expectations (~> 3.6.0)
      rspec-mocks (~> 3.6.0)
    rspec-core (3.6.0)
      rspec-support (~> 3.6.0)
    rspec-expectations (3.6.0)
      diff-lcs (>= 1.2.0, < 2.0)
      rspec-support (~> 3.6.0)
    rspec-mocks (3.6.0)
      diff-lcs (>= 1.2.0, < 2.0)
      rspec-support (~> 3.6.0)
    rspec-rails (3.6.0)
      actionpack (>= 3.0)
      activesupport (>= 3.0)
      railties (>= 3.0)
      rspec-core (~> 3.6.0)
      rspec-expectations (~> 3.6.0)
      rspec-mocks (~> 3.6.0)
      rspec-support (~> 3.6.0)
    rspec-support (3.6.0)
    rubocop (0.49.1)
      parallel (~> 1.10)
      parser (>= 2.3.3.1, < 3.0)
      powerpack (~> 0.1)
      rainbow (>= 1.99.1, < 3.0)
      ruby-progressbar (~> 1.7)
      unicode-display_width (~> 1.0, >= 1.0.1)
    ruby-progressbar (1.8.1)
    shellany (0.0.1)
    slop (3.6.0)
    spring (2.0.2)
      activesupport (>= 4.2)
    spring-watcher-listen (2.0.1)
      listen (>= 2.7, < 4.0)
      spring (>= 1.2, < 3.0)
    sprockets (3.7.1)
      concurrent-ruby (~> 1.0)
      rack (> 1, < 3)
    sprockets-rails (3.2.0)
      actionpack (>= 4.0)
      activesupport (>= 4.0)
      sprockets (>= 3.0.0)
    thor (0.19.4)
    thread_safe (0.3.6)
    tzinfo (1.2.3)
      thread_safe (~> 0.1)
    unicode-display_width (1.3.0)
    warden (1.2.7)
      rack (>= 1.0)
    websocket-driver (0.6.5)
      websocket-extensions (>= 0.1.0)
    websocket-extensions (0.1.2)

PLATFORMS
  ruby

DEPENDENCIES
  active_model_serializers (~> 0.10.0)
  byebug
  devise
  doorkeeper
  doorkeeper-jwt
  dotenv-rails
  factory_girl_rails
  friendly_id (~> 5.1.0)
  guard-rspec
  kaminari
  letter_opener
  listen (~> 3.0.5)
  paperclip!
  paperclip-av-transcoder
  paperclip-ffmpeg
  paranoia (~> 2.2)
  pg
  pry
  rack-cors
  rails (~> 5.0.4)
  rails-controller-testing
  rspec-rails (~> 3.5)
  rubocop
  spring
  spring-watcher-listen (~> 2.0.0)
  tzinfo-data

BUNDLED WITH
   1.15.3
